GIT
  remote: git://github.com/taavo/LicenseFinder.git
  revision: 1b1676abe69899f3f9d54f14cbdc7bf4c6ed1c27
  specs:
    license_finder (1.1.1)
      bundler
      httparty
      sequel
      sqlite3
      thor
      xml-simple

GEM
  remote: https://rubygems.org/
  specs:
    httparty (0.13.1)
      json (~> 1.8)
      multi_xml (>= 0.5.2)
    json (1.8.1)
    multi_xml (0.5.5)
    sequel (4.14.0)
    sqlite3 (1.3.9)
    thor (0.19.1)
    xml-simple (1.1.4)

PLATFORMS
  ruby

DEPENDENCIES
  license_finder!

BUNDLED WITH
   1.10.3
